GEM
  remote: https://rubygems.org/
  specs:
    childprocess (3.0.0)
    jasmine (3.3.0)
      jasmine-core (~> 3.3.0)
      phantomjs
      rack (>= 1.2.1)
      rake
    jasmine-core (3.3.0)
    jasmine_selenium_runner (3.0.0)
      jasmine (~> 3.0)
      selenium-webdriver (~> 3.8)
    phantomjs (2.1.1.0)
    rack (2.2.3)
    rake (12.3.2)
    rubyzip (2.0.0)
    selenium-webdriver (3.142.6)
      childprocess (>= 0.5, < 4.0)
      rubyzip (>= 1.2.2)

PLATFORMS
  ruby

DEPENDENCIES
  jasmine (~> 3.0)
  jasmine_selenium_runner
  rake

BUNDLED WITH
   1.16.1
