GEM
  remote: https://rubygems.org/
  specs:
    childprocess (0.5.3)
      ffi (~> 1.0, >= 1.0.11)
    cmdparse (2.0.6)
    ffi (1.9.3)
    highline (1.6.21)
    jasmine (2.0.2)
      jasmine-core (~> 2.0.0)
      phantomjs
      rack (>= 1.2.1)
      rake
    jasmine-core (2.0.1)
    jasmine_selenium_runner (0.2.0)
      jasmine (~> 2.0.0.alpha)
      sauce-connect
      selenium-webdriver (~> 2.35)
    json (1.8.6)
    mime-types (1.25.1)
    multi_json (1.10.1)
    net-http-persistent (2.9.4)
    net-ssh (2.9.1)
    net-ssh-gateway (1.2.0)
      net-ssh (>= 2.6.5)
    parallel (1.1.2)
    parallel_tests (0.16.6)
      parallel
    phantomjs (1.9.7.1)
    rack (1.5.2)
    rake (10.3.2)
    rdoc (4.1.1)
      json (~> 1.4)
    rest-client (1.6.8)
      mime-types (~> 1.16)
      rdoc (>= 2.4.2)
    rubyzip (1.1.6)
    sauce (3.4.9)
      childprocess (>= 0.1.6)
      cmdparse (>= 2.0.2)
      highline (>= 1.5.0)
      json (>= 1.2.0)
      net-http-persistent
      net-ssh
      net-ssh-gateway
      parallel_tests (= 0.16.6)
      rest-client
      sauce_whisk (~> 0.0.11)
      selenium-webdriver (>= 0.1.2)
    sauce-connect (3.4.1)
      sauce (~> 3.4)
    sauce_whisk (0.0.13)
      json (~> 1.8.1)
      rest-client (~> 1.6.7)
    selenium-webdriver (2.42.0)
      childprocess (>= 0.5.0)
      multi_json (~> 1.0)
      rubyzip (~> 1.0)
      websocket (~> 1.0.4)
    websocket (1.0.7)

PLATFORMS
  ruby

DEPENDENCIES
  jasmine (~> 2.0.0)
  jasmine_selenium_runner
  rake

BUNDLED WITH
   1.16.0
